GEM
  remote: https://rubygems.org/
  specs:
    actionmailer (4.1.1)
      actionpack (= 4.1.1)
      actionview (= 4.1.1)
      mail (~> 2.5.4)
    actionpack (4.1.1)
      actionview (= 4.1.1)
      activesupport (= 4.1.1)
      rack (~> 1.5.2)
      rack-test (~> 0.6.2)
    actionview (4.1.1)
      activesupport (= 4.1.1)
      builder (~> 3.1)
      erubis (~> 2.7.0)
    activemodel (4.1.1)
      activesupport (= 4.1.1)
      builder (~> 3.1)
    activerecord (4.1.1)
      activemodel (= 4.1.1)
      activesupport (= 4.1.1)
      arel (~> 5.0.0)
    activesupport (4.1.1)
      i18n (~> 0.6, >= 0.6.9)
      json (~> 1.7, >= 1.7.7)
      minitest (~> 5.1)
      thread_safe (~> 0.1)
      tzinfo (~> 1.1)
    arel (5.0.1.20140414130214)
    bootstrap-sass (3.2.0.1)
      sass (~> 3.2)
    bootstrap_form (2.1.1)
    builder (3.2.2)
    capybara (2.4.1)
      mime-types (>= 1.16)
      nokogiri (>= 1.3.3)
      rack (>= 1.0.0)
      rack-test (>= 0.5.4)
      xpath (~> 2.0)
    carrierwave (0.10.0)
      activemodel (>= 3.2.0)
      activesupport (>= 3.2.0)
      json (>= 1.7)
      mime-types (>= 1.16)
    carrierwave-dropbox (1.2.1)
      carrierwave (~> 0.9)
      dropbox-sdk (~> 1.6)
    celluloid (0.16.0)
      timers (~> 4.0.0)
    coderay (1.1.0)
    coffee-rails (4.0.1)
      coffee-script (>= 2.2.0)
      railties (>= 4.0.0, < 5.0)
    coffee-script (2.3.0)
      coffee-script-source
      execjs
    coffee-script-source (1.8.0)
    daemons (1.1.9)
    diff-lcs (1.2.5)
    dropbox-sdk (1.6.4)
      json
    erubis (2.7.0)
    eventmachine (1.0.3)
    execjs (2.2.1)
    fabrication (2.11.3)
    faker (1.4.3)
      i18n (~> 0.5)
    ffi (1.9.3)
    figaro (0.7.0)
      bundler (~> 1.0)
      rails (>= 3, < 5)
    formatador (0.2.5)
    guard (2.6.1)
      formatador (>= 0.2.4)
      listen (~> 2.7)
      lumberjack (~> 1.0)
      pry (>= 0.9.12)
      thor (>= 0.18.1)
    guard-rspec (4.2.10)
      guard (~> 2.1)
      rspec (>= 2.14, < 4.0)
    hike (1.2.3)
    hitimes (1.2.2)
    i18n (0.6.11)
    jbuilder (2.1.3)
      activesupport (>= 3.0.0, < 5)
      multi_json (~> 1.2)
    jquery-rails (3.1.2)
      railties (>= 3.0, < 5.0)
      thor (>= 0.14, < 2.0)
    jquery-ui-rails (5.0.0)
      railties (>= 3.2.16)
    json (1.8.1)
    listen (2.7.9)
      celluloid (>= 0.15.2)
      rb-fsevent (>= 0.9.3)
      rb-inotify (>= 0.9)
    lumberjack (1.0.9)
    mail (2.5.4)
      mime-types (~> 1.16)
      treetop (~> 1.4.8)
    method_source (0.8.2)
    mime-types (1.25.1)
    mini_magick (3.8.0)
      subexec (~> 0.2.1)
    mini_portile (0.6.0)
    minitest (5.4.2)
    multi_json (1.10.1)
    nokogiri (1.6.3.1)
      mini_portile (= 0.6.0)
    polyglot (0.3.5)
    pry (0.10.0)
      coderay (~> 1.1.0)
      method_source (~> 0.8.1)
      slop (~> 3.4)
    pry-nav (0.2.4)
      pry (>= 0.9.10, < 0.11.0)
    rack (1.5.2)
    rack-test (0.6.2)
      rack (>= 1.0)
    rails (4.1.1)
      actionmailer (= 4.1.1)
      actionpack (= 4.1.1)
      actionview (= 4.1.1)
      activemodel (= 4.1.1)
      activerecord (= 4.1.1)
      activesupport (= 4.1.1)
      bundler (>= 1.3.0, < 2.0)
      railties (= 4.1.1)
      sprockets-rails (~> 2.0)
    railties (4.1.1)
      actionpack (= 4.1.1)
      activesupport (= 4.1.1)
      rake (>= 0.8.7)
      thor (>= 0.18.1, < 2.0)
    rake (10.3.2)
    rb-fsevent (0.9.4)
    rb-inotify (0.9.5)
      ffi (>= 0.5.0)
    rdoc (4.1.2)
      json (~> 1.4)
    rspec (2.14.1)
      rspec-core (~> 2.14.0)
      rspec-expectations (~> 2.14.0)
      rspec-mocks (~> 2.14.0)
    rspec-core (2.14.8)
    rspec-expectations (2.14.5)
      diff-lcs (>= 1.1.3, < 2.0)
    rspec-mocks (2.14.6)
    rspec-rails (2.14.1)
      actionpack (>= 3.0)
      activemodel (>= 3.0)
      activesupport (>= 3.0)
      railties (>= 3.0)
      rspec-core (~> 2.14.0)
      rspec-expectations (~> 2.14.0)
      rspec-mocks (~> 2.14.0)
    sass (3.2.19)
    sass-rails (4.0.3)
      railties (>= 4.0.0, < 5.0)
      sass (~> 3.2.0)
      sprockets (~> 2.8, <= 2.11.0)
      sprockets-rails (~> 2.0)
    sdoc (0.4.1)
      json (~> 1.7, >= 1.7.7)
      rdoc (~> 4.0)
    shoulda-matchers (2.7.0)
      activesupport (>= 3.0.0)
    slop (3.6.0)
    spring (1.1.3)
    spring-commands-rspec (1.0.2)
      spring (>= 0.9.1)
    sprockets (2.11.0)
      hike (~> 1.2)
      multi_json (~> 1.0)
      rack (~> 1.0)
      tilt (~> 1.1, != 1.3.0)
    sprockets-rails (2.1.4)
      actionpack (>= 3.0)
      activesupport (>= 3.0)
      sprockets (~> 2.8)
    sqlite3 (1.3.9)
    subexec (0.2.3)
    thin (1.6.2)
      daemons (>= 1.0.9)
      eventmachine (>= 1.0.0)
      rack (>= 1.0.0)
    thor (0.19.1)
    thread_safe (0.3.4)
    tilt (1.4.1)
    timers (4.0.0)
      hitimes
    treetop (1.4.15)
      polyglot
      polyglot (>= 0.3.1)
    turbolinks (2.4.0)
      coffee-rails
    tzinfo (1.2.2)
      thread_safe (~> 0.1)
    uglifier (2.5.3)
      execjs (>= 0.3.0)
      json (>= 1.8.0)
    xpath (2.0.0)
      nokogiri (~> 1.3)

PLATFORMS
  ruby

DEPENDENCIES
  bootstrap-sass (~> 3.2.0)
  bootstrap_form (~> 2.1.1)
  capybara (= 2.4.1)
  carrierwave-dropbox (= 1.2.1)
  coffee-rails (~> 4.0.0)
  fabrication (= 2.11.3)
  faker
  figaro (= 0.7.0)
  guard-rspec
  jbuilder (~> 2.0)
  jquery-rails
  jquery-ui-rails (= 5.0.0)
  mini_magick (= 3.8.0)
  pry (= 0.10.0)
  pry-nav (= 0.2.4)
  rails (= 4.1.1)
  rb-fsevent
  rspec-rails (= 2.14.1)
  sass-rails (~> 4.0.3)
  sdoc (~> 0.4.0)
  shoulda-matchers
  spring
  spring-commands-rspec
  sqlite3
  thin (= 1.6.2)
  turbolinks
  uglifier (>= 1.3.0)
